GEM
  remote: https://rubygems.org/
  specs:
    rouge (1.10.1)

PLATFORMS
  ruby

DEPENDENCIES
  rouge
